GEM
  remote: https://rubygems.org/
  specs:
    rails (6.1.4)
      actioncable (= 6.1.4)
      actionmailbox (= 6.1.4)
      #... (và nhiều dòng khác)

PLATFORMS
  ruby

DEPENDENCIES
  rails (~> 6.1.4)
  jekyll (~> 4.2.0)

BUNDLED WITH
   2.2.17
